PATH
  remote: ..
  specs:
    motion-flow (0.2)

GEM
  remote: https://rubygems.org/
  specs:
    rake (10.5.0)

PLATFORMS
  ruby

DEPENDENCIES
  motion-flow!
  rake

BUNDLED WITH
   1.11.2
